GEM
  remote: http://rubygems.org/
  specs:
    addressable (2.2.8)
    bcrypt-ruby (2.1.4)
    crack (0.3.1)
    daemons (1.1.4)
    data_objects (0.10.8)
      addressable (~> 2.1)
    dm-core (1.2.0)
      addressable (~> 2.2.6)
    dm-do-adapter (1.2.0)
      data_objects (~> 0.10.6)
      dm-core (~> 1.2.0)
    dm-migrations (1.2.0)
      dm-core (~> 1.2.0)
    dm-sqlite-adapter (1.2.0)
      dm-do-adapter (~> 1.2.0)
      do_sqlite3 (~> 0.10.6)
    dm-timestamps (1.2.0)
      dm-core (~> 1.2.0)
    dm-validations (1.2.0)
      dm-core (~> 1.2.0)
    do_sqlite3 (0.10.8)
      data_objects (= 0.10.8)
    erubis (2.7.0)
    eventmachine (0.12.10)
    json (1.6.5)
    minitest (2.12.1)
    minitest-colorize (0.0.4)
      minitest (~> 2.0)
    rack (1.3.4)
    rack-protection (1.1.4)
      rack
    redcarpet (2.1.1)
    sinatra (1.3.1)
      rack (~> 1.3, >= 1.3.4)
      rack-protection (~> 1.1, >= 1.1.2)
      tilt (~> 1.3, >= 1.3.3)
    sinatra-flash (0.3.0)
      sinatra (>= 1.0.0)
    sinatra-static-assets (1.0.0)
      sinatra (>= 1.1.0)
    thin (1.2.11)
      daemons (>= 1.0.9)
      eventmachine (>= 0.12.6)
      rack (>= 1.0.0)
    tilt (1.3.3)
    trollop (1.16.2)
    warden (1.0.6)
      rack (>= 1.0)
    webmock (1.7.10)
      addressable (~> 2.2, > 2.2.5)
      crack (>= 0.1.7)

PLATFORMS
  ruby

DEPENDENCIES
  bcrypt-ruby
  dm-core (>= 1.2)
  dm-do-adapter (>= 1.2)
  dm-migrations (>= 1.2)
  dm-sqlite-adapter (>= 1.2)
  dm-timestamps (>= 1.2)
  dm-validations (>= 1.2)
  erubis
  json
  minitest
  minitest-colorize
  redcarpet
  sinatra
  sinatra-flash
  sinatra-static-assets
  thin
  trollop
  warden
  webmock
