GEM
  remote: http://rubygems.org/
  specs:
    ParseTree (3.0.9)
      RubyInline (~> 3.9.0)
      sexp_processor (~> 3.2.0)
    RubyInline (3.9.0)
      ZenTest (~> 4.3)
    ZenTest (4.8.0)
    addressable (2.2.6)
    bcrypt-ruby (2.1.4)
    crack (0.3.1)
    daemons (1.1.4)
    data_objects (0.10.6)
      addressable (~> 2.1)
    dm-core (1.1.0)
      addressable (~> 2.2.4)
    dm-do-adapter (1.1.0)
      data_objects (~> 0.10.2)
      dm-core (~> 1.1.0)
    dm-migrations (1.1.0)
      dm-core (~> 1.1.0)
    dm-sqlite-adapter (1.1.0)
      dm-do-adapter (~> 1.1.0)
      do_sqlite3 (~> 0.10.2)
    dm-sweatshop (1.1.0)
      ParseTree (~> 3.0.7)
      dm-core (~> 1.1.0)
      randexp (~> 0.1.5)
    dm-timestamps (1.1.0)
      dm-core (~> 1.1.0)
    dm-validations (1.1.0)
      dm-core (~> 1.1.0)
    do_sqlite3 (0.10.6)
      data_objects (= 0.10.6)
    erubis (2.7.0)
    eventmachine (0.12.10)
    minitest (2.12.1)
    minitest-colorize (0.0.4)
      minitest (~> 2.0)
    rack (1.3.4)
    rack-protection (1.1.4)
      rack
    randexp (0.1.7)
    redcarpet (2.1.1)
    sexp_processor (3.2.0)
    sinatra (1.3.1)
      rack (~> 1.3, >= 1.3.4)
      rack-protection (~> 1.1, >= 1.1.2)
      tilt (~> 1.3, >= 1.3.3)
    sinatra-flash (0.3.0)
      sinatra (>= 1.0.0)
    sinatra-static-assets (1.0.0)
      sinatra (>= 1.1.0)
    thin (1.2.11)
      daemons (>= 1.0.9)
      eventmachine (>= 0.12.6)
      rack (>= 1.0.0)
    tilt (1.3.3)
    trollop (1.16.2)
    warden (1.0.6)
      rack (>= 1.0)
    webmock (1.7.10)
      addressable (~> 2.2, > 2.2.5)
      crack (>= 0.1.7)

PLATFORMS
  ruby

DEPENDENCIES
  bcrypt-ruby
  dm-core
  dm-migrations
  dm-sqlite-adapter
  dm-sweatshop
  dm-timestamps
  dm-validations
  erubis
  minitest
  minitest-colorize
  redcarpet
  sinatra
  sinatra-flash
  sinatra-static-assets
  thin
  trollop
  warden
  webmock
